GIT
  remote: https://github.com/amancevice/eater-atlas-engine.git
  revision: 2962ee865116d69a58cfac09bfbd3d6f1b02138a
  tag: 0.2.0
  specs:
    eater_atlas (0.1.6)
      chronic (~> 0.10)
      geocoder (~> 1.4)
      oga (~> 2.10)
      sinatra (~> 2.0.1)
      sinatra-activerecord (~> 2.0)
      sinatra-contrib (~> 2.0)

GEM
  remote: https://rubygems.org/
  specs:
    activemodel (6.1.3)
      activesupport (= 6.1.3)
    activerecord (6.1.3)
      activemodel (= 6.1.3)
      activesupport (= 6.1.3)
    activesupport (6.1.3)
      concurrent-ruby (~> 1.0, >= 1.0.2)
      i18n (>= 1.6, < 2)
      minitest (>= 5.1)
      tzinfo (~> 2.0)
      zeitwerk (~> 2.3)
    ansi (1.5.0)
    arrayfields (4.9.2)
    ast (2.4.0)
    backports (3.17.2)
    bigbertha (0.0.5)
      firebase_token_generator (~> 1.0.1)
      main (~> 5.2.0)
      map (~> 6.3.0)
      typhoeus (~> 0.6.2)
      values (~> 1.5.0)
    chronic (0.10.2)
    concurrent-ruby (1.1.8)
    ethon (0.12.0)
      ffi (>= 1.3.0)
    fattr (2.4.0)
    ffi (1.12.2)
    firebase_token_generator (1.0.3)
    geocoder (1.6.3)
    i18n (1.8.9)
      concurrent-ruby (~> 1.0)
    main (5.2.0)
      arrayfields (>= 4.7.4)
      chronic (>= 0.6.2)
      fattr (>= 2.2.0)
      map (>= 5.1.0)
    map (6.3.0)
    minitest (5.14.4)
    multi_json (1.14.1)
    mustermann (1.1.1)
      ruby2_keywords (~> 0.0.1)
    oga (2.15)
      ast
      ruby-ll (~> 2.1)
    pg (1.2.3)
    rack (2.2.3)
    rack-protection (2.0.8.1)
      rack
    rake (13.0.1)
    ruby-ll (2.1.2)
      ansi
      ast
    ruby2_keywords (0.0.2)
    sinatra (2.0.8.1)
      mustermann (~> 1.0)
      rack (~> 2.0)
      rack-protection (= 2.0.8.1)
      tilt (~> 2.0)
    sinatra-activerecord (2.0.18)
      activerecord (>= 4.1)
      sinatra (>= 1.0)
    sinatra-contrib (2.0.8.1)
      backports (>= 2.8.2)
      multi_json
      mustermann (~> 1.0)
      rack-protection (= 2.0.8.1)
      sinatra (= 2.0.8.1)
      tilt (~> 2.0)
    sqlite3 (1.4.2)
    tilt (2.0.10)
    typhoeus (0.6.9)
      ethon (>= 0.7.1)
    tzinfo (2.0.4)
      concurrent-ruby (~> 1.0)
    values (1.5.0)
    zeitwerk (2.4.2)

PLATFORMS
  ruby

DEPENDENCIES
  bigbertha
  eater_atlas!
  pg
  rake
  sinatra-activerecord
  sinatra-contrib
  sqlite3

BUNDLED WITH
   2.1.4
